PATH
  remote: .
  specs:
    active_scaffold_sortable (3.2.0)

GEM
  remote: http://rubygems.org/
  specs:
    rcov (0.9.9)
    shoulda (2.11.3)

PLATFORMS
  ruby

DEPENDENCIES
  active_scaffold_sortable!
  bundler (>= 1.0.0)
  rcov
  shoulda
